GEM
  remote: https://rubygems.org/
  specs:
    backports (3.12.0)
    csv (3.0.4)
    json (2.3.0)
    multi_json (1.13.1)
    mustermann (1.0.3)
    rack (2.0.6)
    rack-protection (2.0.5)
      rack
    rack-test (1.1.0)
      rack (>= 1.0, < 3)
    sinatra (2.0.5)
      mustermann (~> 1.0)
      rack (~> 2.0)
      rack-protection (= 2.0.5)
      tilt (~> 2.0)
    sinatra-contrib (2.0.5)
      backports (>= 2.8.2)
      multi_json
      mustermann (~> 1.0)
      rack-protection (= 2.0.5)
      sinatra (= 2.0.5)
      tilt (>= 1.3, < 3)
    sinatra-flash (0.3.0)
      sinatra (>= 1.0.0)
    tilt (2.0.9)

PLATFORMS
  ruby

DEPENDENCIES
  csv
  json
  rack-test
  sinatra
  sinatra-contrib
  sinatra-flash

BUNDLED WITH
   2.0.1
